GEM
  remote: https://rubygems.org/
  specs:
    CFPropertyList (3.0.5)
      rexml
    atomos (0.1.3)
    claide (1.0.3)
    colored2 (3.1.2)
    debase (0.2.4.1)
      debase-ruby_core_source (>= 0.10.2)
    debase-ruby_core_source (0.10.13)
    nanaimo (0.3.0)
    rake (13.0.6)
    rexml (3.2.5)
    ruby-debug-ide (0.7.3)
      rake (>= 0.8.1)
    xcodeproj (1.21.0)
      CFPropertyList (>= 2.3.3, < 4.0)
      atomos (~> 0.1.3)
      claide (>= 1.0.2, < 2.0)
      colored2 (~> 3.1)
      nanaimo (~> 0.3.0)
      rexml (~> 3.2.4)

PLATFORMS
  ruby
  x86_64-darwin-21

DEPENDENCIES
  debase
  ruby-debug-ide
  xcodeproj

BUNDLED WITH
   2.2.32
